PATH
  remote: .
  specs:
    resque_unit_without_mock (0.1.1)

GEM
  remote: https://rubygems.org/
  specs:
    connection_pool (2.3.0)
    minitest (5.16.3)
    minitest-hooks (1.5.0)
      minitest (> 5.3)
    mono_logger (1.1.1)
    multi_json (1.15.0)
    mustermann (3.0.0)
      ruby2_keywords (~> 0.0.1)
    rack (2.2.4)
    rack-protection (3.0.3)
      rack
    rake (13.0.6)
    redis (5.0.5)
      redis-client (>= 0.9.0)
    redis-client (0.11.2)
      connection_pool
    redis-namespace (1.9.0)
      redis (>= 4)
    resque (2.4.0)
      mono_logger (~> 1.0)
      multi_json (~> 1.0)
      redis-namespace (~> 1.6)
      sinatra (>= 0.9.2)
    ruby2_keywords (0.0.5)
    sinatra (3.0.3)
      mustermann (~> 3.0)
      rack (~> 2.2, >= 2.2.4)
      rack-protection (= 3.0.3)
      tilt (~> 2.0)
    tilt (2.0.11)

PLATFORMS
  ruby
  x86_64-linux

DEPENDENCIES
  bundler
  minitest
  minitest-hooks
  rake
  resque
  resque_unit_without_mock!

BUNDLED WITH
   2.3.26
